GEM
  remote: http://rubygems.org/
  specs:
    geokit (1.10.0)
    google_places (0.32.0)
      httparty (~> 0.13.1)
    haml (4.0.7)
      tilt
    httparty (0.13.7)
      json (~> 1.8)
      multi_xml (>= 0.5.2)
    json (1.8.6)
    multi_xml (0.6.0)
    rack (1.6.5)
    rack-protection (1.5.3)
      rack
    sinatra (1.4.8)
      rack (~> 1.5)
      rack-protection (~> 1.4)
      tilt (>= 1.3, < 3)
    tilt (2.0.6)

PLATFORMS
  ruby

DEPENDENCIES
  geokit
  google_places
  haml
  sinatra

BUNDLED WITH
   1.13.7
